GEM
  remote: https://rubygems.org/
  specs:
    curb (0.9.4)
    dotenv (2.2.2)
    json (2.1.0)
    sequel (5.7.1)
    sqlite3 (1.3.13)

PLATFORMS
  ruby

DEPENDENCIES
  curb
  dotenv
  json
  sequel
  sqlite3

RUBY VERSION
   ruby 2.5.0p0

BUNDLED WITH
   1.16.1
